GEM
  remote: http://rubygems.org/
  specs:
    addressable (2.2.6)
    bourne (1.0)
      mocha (= 0.9.8)
    diff-lcs (1.1.3)
    em-websocket (0.3.1)
      addressable (>= 2.1.1)
      eventmachine (>= 0.12.9)
    eventmachine (0.12.10)
    mocha (0.9.8)
      rake
    rack (1.3.2)
    rack-test (0.6.1)
      rack (>= 1.0)
    rake (0.8.7)
    rspec (2.6.0)
      rspec-core (~> 2.6.0)
      rspec-expectations (~> 2.6.0)
      rspec-mocks (~> 2.6.0)
    rspec-core (2.6.4)
    rspec-expectations (2.6.0)
      diff-lcs (~> 1.1.2)
    rspec-mocks (2.6.0)
    sinatra (1.2.6)
      rack (~> 1.1)
      tilt (>= 1.2.2, < 2.0)
    spork (0.9.0.rc9)
    tilt (1.3.3)

PLATFORMS
  ruby

DEPENDENCIES
  bourne
  em-websocket
  eventmachine
  mocha
  rack-test
  rake (= 0.8.7)
  rspec
  sinatra
  spork (~> 0.9.0.rc9)
