GEM
  remote: http://rubygems.org/
  specs:
    addressable (2.2.6)
    bourne (1.0)
      mocha (= 0.9.8)
    capistrano (2.8.0)
      highline
      net-scp (>= 1.0.0)
      net-sftp (>= 2.0.0)
      net-ssh (>= 2.0.14)
      net-ssh-gateway (>= 1.1.0)
    capistrano-ext (1.2.1)
      capistrano (>= 1.0.0)
    diff-lcs (1.1.3)
    em-websocket (0.3.1)
      addressable (>= 2.1.1)
      eventmachine (>= 0.12.9)
    eventmachine (0.12.10)
    highline (1.6.2)
    mocha (0.9.8)
      rake
    net-scp (1.0.4)
      net-ssh (>= 1.99.1)
    net-sftp (2.0.5)
      net-ssh (>= 2.0.9)
    net-ssh (2.2.1)
    net-ssh-gateway (1.1.0)
      net-ssh (>= 1.99.1)
    rack (1.3.2)
    rack-test (0.6.1)
      rack (>= 1.0)
    railsless-deploy (1.0.2)
    rake (0.8.7)
    rspec (2.6.0)
      rspec-core (~> 2.6.0)
      rspec-expectations (~> 2.6.0)
      rspec-mocks (~> 2.6.0)
    rspec-core (2.6.4)
    rspec-expectations (2.6.0)
      diff-lcs (~> 1.1.2)
    rspec-mocks (2.6.0)
    sinatra (1.2.6)
      rack (~> 1.1)
      tilt (>= 1.2.2, < 2.0)
    spork (0.9.0.rc9)
    tilt (1.3.3)
    yajl-ruby (0.8.3)

PLATFORMS
  ruby

DEPENDENCIES
  bourne
  capistrano
  capistrano-ext
  em-websocket
  eventmachine
  mocha
  rack-test
  railsless-deploy
  rake (= 0.8.7)
  rspec
  sinatra
  spork (~> 0.9.0.rc9)
  yajl-ruby
